GEM
  remote: https://rubygems.org/
  specs:
    aasm (4.12.0)
      concurrent-ruby (~> 1.0)
    concurrent-ruby (1.0.5)
    rake (10.4.2)

PLATFORMS
  ruby
  x64-mingw32

DEPENDENCIES
  aasm
  rake

BUNDLED WITH
   1.15.1
